PATH
  remote: .
  specs:
    fpm (0.4.0)
      backports (= 2.3.0)
      cabin (~> 0.4.2)
      json

GEM
  remote: http://rubygems.org/
  specs:
    backports (2.3.0)
    cabin (0.4.2)
      json
    fattr (2.2.1)
    ffi (1.0.11)
    guard (1.0.0)
      ffi (>= 0.5.0)
      thor (~> 0.14.6)
    guard-minitest (0.3.0)
      guard (>= 0.2.2)
    guard-shell (0.3.0)
      guard (>= 0.2.0)
    json (1.6.5)
    rush (0.6.7)
      session
    session (3.1.0)
      fattr
    thor (0.14.6)

PLATFORMS
  ruby

DEPENDENCIES
  fpm!
  guard
  guard-minitest
  guard-shell
  rush
